PATH
  remote: .
  specs:
    gem-homepage (0.0.4)
      launchy

GEM
  remote: http://rubygems.org/
  specs:
    addressable (2.2.7)
    launchy (2.1.0)
      addressable (~> 2.2.6)

PLATFORMS
  ruby

DEPENDENCIES
  gem-homepage!
